PATH
  remote: .
  specs:
    compact_enc_det (0.5.0)

GEM
  remote: https://rubygems.org/
  specs:
    minitest (5.21.2)
    rake (13.1.0)
    rake-compiler (1.2.7)
      rake

PLATFORMS
  ruby

DEPENDENCIES
  compact_enc_det!
  minitest (~> 5.0)
  rake-compiler (~> 1.0)

BUNDLED WITH
   2.4.10
